GEM
  specs:
    figaro (1.1.1)
      thor (~> 0.14)
    thor (0.20.3)

PLATFORMS
  ruby

DEPENDENCIES
  figaro

BUNDLED WITH
   1.16.6
